PATH
  remote: .
  specs:
    covid_tracking (0.1.0)

GEM
  remote: https://rubygems.org/
  specs:
    coderay (1.1.2)
    method_source (1.0.0)
    pry (0.13.0)
      coderay (~> 1.1)
      method_source (~> 1.0)
    rake (13.0.1)

PLATFORMS
  ruby

DEPENDENCIES
  bundler (~> 2.0)
  covid_tracking!
  pry
  rake (~> 13.0)

BUNDLED WITH
   2.0.1
